GEM
  remote: http://rubygems.org/
  specs:
    breakpoint (2.0.7)
      compass (>= 0.12.1)
      sass (>= 3.2.0)
    chunky_png (1.2.9)
    compass (0.12.2)
      chunky_png (~> 1.2)
      fssm (>= 0.2.7)
      sass (~> 3.1)
    compass-inuit (5.0.1)
      compass (>= 0.12.2)
    fssm (0.2.10)
    sass (3.2.14)
    singularitygs (1.1.2)
      breakpoint (>= 2.0.1)
      compass (>= 0.12.2)
      sass (>= 3.2.1)

PLATFORMS
  ruby

DEPENDENCIES
  breakpoint (~> 2.0.7)
  compass (~> 0.12.0)
  compass-inuit (~> 5.0.1)
  sass (~> 3.2.0)
  singularitygs (~> 1.1.2)
